GEM
  remote: https://rubygems.org/
  specs:
    puma (3.4.0)
    rack (1.6.4)
    redis (3.3.0)

PLATFORMS
  ruby

DEPENDENCIES
  puma
  rack (~> 1.6.4)
  redis (~> 3.2)

RUBY VERSION
   ruby 2.3.0p0

BUNDLED WITH
   1.12.5
