GEM
  remote: https://rubygems.org/
  specs:
    eventmachine (1.2.0.1)
    faye-websocket (0.10.4)
      eventmachine (>= 0.12.0)
      websocket-driver (>= 0.5.1)
    rack (1.6.4)
    redis (3.3.0)
    websocket-driver (0.6.4)
      websocket-extensions (>= 0.1.0)
    websocket-extensions (0.1.2)

PLATFORMS
  ruby

DEPENDENCIES
  faye-websocket (~> 0.10.4)
  rack (~> 1.6.4)
  redis (~> 3.2)

RUBY VERSION
   ruby 2.3.0p0

BUNDLED WITH
   1.12.5
